PATH
  remote: .
  specs:
    fuzzily (0.0.2)
      activerecord (~> 2.3)

GEM
  remote: https://rubygems.org/
  specs:
    activerecord (2.3.14)
      activesupport (= 2.3.14)
    activesupport (2.3.14)
    appraisal (0.4.1)
      bundler
      rake
    coderay (1.0.8)
    diff-lcs (1.1.3)
    method_source (0.8.1)
    pry (0.9.10)
      coderay (~> 1.0.5)
      method_source (~> 0.8)
      slop (~> 3.3.1)
    pry-nav (0.2.2)
      pry (~> 0.9.10)
    rake (0.9.2.2)
    rspec (2.11.0)
      rspec-core (~> 2.11.0)
      rspec-expectations (~> 2.11.0)
      rspec-mocks (~> 2.11.0)
    rspec-core (2.11.1)
    rspec-expectations (2.11.3)
      diff-lcs (~> 1.1.3)
    rspec-mocks (2.11.3)
    slop (3.3.3)
    sqlite3 (1.3.6)

PLATFORMS
  ruby

DEPENDENCIES
  appraisal
  fuzzily!
  pry
  pry-nav
  rspec
  sqlite3
